GEM
  remote: https://rubygems.org/
  specs:
    activesupport (7.0.4.1)
      concurrent-ruby (~> 1.0, >= 1.0.2)
      i18n (>= 1.6, < 2)
      minitest (>= 5.1)
      tzinfo (~> 2.0)
    addressable (2.8.0)
      public_suffix (>= 2.0.2, < 5.0)
    concurrent-ruby (1.1.10)
    connection_pool (2.2.5)
    csvlint (1.0.0)
      activesupport
      addressable
      escape_utils
      net-http-persistent
      open_uri_redirections
      rack
      rainbow
      thor
      typhoeus
      uri_template
    escape_utils (1.3.0)
    ethon (0.15.0)
      ffi (>= 1.15.0)
    ffi (1.15.5)
    i18n (1.12.0)
      concurrent-ruby (~> 1.0)
    minitest (5.17.0)
    net-http-persistent (4.0.1)
      connection_pool (~> 2.2)
    open_uri_redirections (0.2.1)
    public_suffix (4.0.7)
    rack (2.2.4)
    rainbow (3.1.1)
    thor (1.2.1)
    typhoeus (1.4.0)
      ethon (>= 0.9.0)
    tzinfo (2.0.5)
      concurrent-ruby (~> 1.0)
    uri_template (0.7.0)

PLATFORMS
  x86_64-darwin-20
  x86_64-darwin-21
  x86_64-linux

DEPENDENCIES
  csvlint

BUNDLED WITH
   2.3.17
