GEM
  remote: https://rubygems.org/
  specs:
    activesupport (7.0.8.7)
      concurrent-ruby (~> 1.0, >= 1.0.2)
      i18n (>= 1.6, < 2)
      minitest (>= 5.1)
      tzinfo (~> 2.0)
    addressable (2.8.7)
      public_suffix (>= 2.0.2, < 7.0)
    concurrent-ruby (1.3.5)
    connection_pool (2.5.3)
    csv (3.3.5)
    csvlint (1.3.0)
      activesupport (< 7.1.0)
      addressable
      csv
      escape_utils
      net-http-persistent
      open_uri_redirections
      rack
      rainbow
      thor
      typhoeus
      uri_template
    escape_utils (1.3.0)
    ethon (0.16.0)
      ffi (>= 1.15.0)
    ffi (1.17.2)
    ffi (1.17.2-aarch64-linux-gnu)
    ffi (1.17.2-aarch64-linux-musl)
    ffi (1.17.2-arm-linux-gnu)
    ffi (1.17.2-arm-linux-musl)
    ffi (1.17.2-arm64-darwin)
    ffi (1.17.2-x86-linux-gnu)
    ffi (1.17.2-x86-linux-musl)
    ffi (1.17.2-x86_64-darwin)
    ffi (1.17.2-x86_64-linux-gnu)
    ffi (1.17.2-x86_64-linux-musl)
    i18n (1.14.7)
      concurrent-ruby (~> 1.0)
    minitest (5.25.5)
    net-http-persistent (4.0.6)
      connection_pool (~> 2.2, >= 2.2.4)
    open_uri_redirections (0.2.1)
    public_suffix (6.0.2)
    rack (3.2.0)
    rainbow (3.1.1)
    thor (1.4.0)
    typhoeus (1.4.1)
      ethon (>= 0.9.0)
    tzinfo (2.0.6)
      concurrent-ruby (~> 1.0)
    uri_template (0.7.0)

PLATFORMS
  aarch64-linux-gnu
  aarch64-linux-musl
  arm-linux-gnu
  arm-linux-musl
  arm64-darwin
  ruby
  x86-linux-gnu
  x86-linux-musl
  x86_64-darwin
  x86_64-linux-gnu
  x86_64-linux-musl

DEPENDENCIES
  csvlint (~> 1.3.0)

BUNDLED WITH
   2.7.1
