GEM
  remote: https://rubygems.org/
  specs:
    activesupport (5.2.4.4)
      concurrent-ruby (~> 1.0, >= 1.0.2)
      i18n (>= 0.7, < 2)
      minitest (~> 5.1)
      tzinfo (~> 1.1)
    addressable (2.8.0)
      public_suffix (>= 2.0.2, < 5.0)
    colorize (0.8.1)
    concurrent-ruby (1.1.7)
    csvlint (0.4.0)
      activesupport
      addressable
      colorize
      escape_utils
      mime-types
      net-http-persistent (< 3.0)
      open_uri_redirections
      rack
      thor
      typhoeus
      uri_template
    escape_utils (1.2.1)
    ethon (0.12.0)
      ffi (>= 1.3.0)
    ffi (1.13.1)
    i18n (1.8.5)
      concurrent-ruby (~> 1.0)
    mime-types (3.3.1)
      mime-types-data (~> 3.2015)
    mime-types-data (3.2020.0512)
    minitest (5.14.2)
    net-http-persistent (2.9.4)
    open_uri_redirections (0.2.1)
    public_suffix (4.0.6)
    rack (2.2.3)
    thor (1.0.1)
    thread_safe (0.3.6)
    typhoeus (1.4.0)
      ethon (>= 0.9.0)
    tzinfo (1.2.7)
      thread_safe (~> 0.1)
    uri_template (0.7.0)

PLATFORMS
  ruby

DEPENDENCIES
  csvlint

BUNDLED WITH
   2.1.4
